PATH
  remote: .
  specs:
    rack-oauth2 (0.2.2)
      activesupport (>= 2.3)
      json (= 1.4.3)
      rack (= 1.1)

GEM
  specs:
    activesupport (3.0.3)
    diff-lcs (1.1.2)
    json (1.4.3)
    rack (1.1.0)
    rake (0.8.7)
    rcov (0.9.9)
    rspec (2.4.0)
      rspec-core (~> 2.4.0)
      rspec-expectations (~> 2.4.0)
      rspec-mocks (~> 2.4.0)
    rspec-core (2.4.0)
    rspec-expectations (2.4.0)
      diff-lcs (~> 1.1.2)
    rspec-mocks (2.4.0)

PLATFORMS
  ruby

DEPENDENCIES
  activesupport (>= 2.3)
  json (= 1.4.3)
  rack (= 1.1)
  rack-oauth2!
  rake (>= 0.8)
  rcov (>= 0.9)
  rspec (>= 2)
