PATH
  remote: .
  specs:
    rack-oauth2 (0.2.1)
      activesupport (>= 2.3)
      i18n
      json (= 1.4.3)
      rack (= 1.1)

GEM
  specs:
    activesupport (3.0.1)
    diff-lcs (1.1.2)
    i18n (0.4.2)
    json (1.4.3)
    rack (1.1.0)
    rake (0.8.7)
    rcov (0.9.9)
    rspec (2.0.0)
      rspec-core (= 2.0.0)
      rspec-expectations (= 2.0.0)
      rspec-mocks (= 2.0.0)
    rspec-core (2.0.0)
    rspec-expectations (2.0.0)
      diff-lcs (>= 1.1.2)
    rspec-mocks (2.0.0)
      rspec-core (= 2.0.0)
      rspec-expectations (= 2.0.0)

PLATFORMS
  ruby

DEPENDENCIES
  activesupport (>= 2.3)
  i18n
  json (= 1.4.3)
  rack (= 1.1)
  rack-oauth2!
  rake (>= 0.8)
  rcov (>= 0.9)
  rspec (>= 2.0)
