PATH
  remote: .
  specs:
    rack-oauth2 (0.6.9)
      activesupport (>= 2.3)
      attr_required (>= 0.0.3)
      i18n
      json (>= 1.4.3)
      rack (>= 1.1)
      restclient_with_cert

GEM
  remote: http://rubygems.org/
  specs:
    activesupport (3.0.7)
    attr_required (0.0.3)
    diff-lcs (1.1.2)
    fakeweb (1.3.0)
    i18n (0.5.0)
    json (1.5.1)
    mime-types (1.16)
    rack (1.2.2)
    rake (0.8.7)
    rcov (0.9.9)
    rest-client (1.6.1)
      mime-types (>= 1.16)
    restclient_with_cert (0.0.7)
      rest-client (>= 1.6)
    rspec (2.5.0)
      rspec-core (~> 2.5.0)
      rspec-expectations (~> 2.5.0)
      rspec-mocks (~> 2.5.0)
    rspec-core (2.5.2)
    rspec-expectations (2.5.0)
      diff-lcs (~> 1.1.2)
    rspec-mocks (2.5.0)

PLATFORMS
  ruby

DEPENDENCIES
  fakeweb (>= 1.3)
  rack-oauth2!
  rake (>= 0.8)
  rcov (>= 0.9)
  rspec (<= 2.5, >= 2)
